GEM
  remote: https://rubygems.org/
  specs:
    byebug (11.1.3)
    childprocess (4.1.0)
    coderay (1.1.3)
    method_source (1.0.0)
    pry (0.13.1)
      coderay (~> 1.1)
      method_source (~> 1.0)
    pry-byebug (3.9.0)
      byebug (~> 11.0)
      pry (~> 0.13.0)
    rexml (3.2.5)
    rubyzip (2.3.2)
    selenium-webdriver (4.0.3)
      childprocess (>= 0.5, < 5.0)
      rexml (~> 3.2, >= 3.2.5)
      rubyzip (>= 1.2.2)

PLATFORMS
  arm64-darwin-20

DEPENDENCIES
  pry-byebug
  selenium-webdriver

BUNDLED WITH
   2.2.26
